PATH
  remote: .
  specs:
    my_gems_summary (1.5)

GEM
  remote: https://rubygems.org/
  specs:
    gems (1.2.0)

PLATFORMS
  x86_64-linux

DEPENDENCIES
  gems (~> 1.2)
  my_gems_summary!

BUNDLED WITH
   2.2.33
